GIT
  remote: https://github.com/nvella/ruby-ptv-api
  revision: eeddcbab2d9ab2447b4bd885c166e5b46e66f153
  specs:
    ruby_ptv (0.1.1)
      httparty (~> 0.16.4)

GEM
  remote: https://rubygems.org/
  specs:
    httparty (0.16.4)
      mime-types (~> 3.0)
      multi_xml (>= 0.5.2)
    mime-types (3.2.2)
      mime-types-data (~> 3.2015)
    mime-types-data (3.2018.0812)
    multi_xml (0.6.0)
    mustermann (1.0.3)
    rack (2.0.6)
    rack-protection (2.0.5)
      rack
    sinatra (2.0.5)
      mustermann (~> 1.0)
      rack (~> 2.0)
      rack-protection (= 2.0.5)
      tilt (~> 2.0)
    tilt (2.0.9)

PLATFORMS
  ruby

DEPENDENCIES
  ruby_ptv!
  sinatra

BUNDLED WITH
   1.17.2
